GEM
  remote: http://rubygems.org/
  specs:
    awesome_print (1.9.2)
    builder (3.2.4)
    colorize (0.8.1)
    cucumber (7.1.0)
      builder (~> 3.2, >= 3.2.4)
      cucumber-core (~> 10.1, >= 10.1.0)
      cucumber-create-meta (~> 6.0, >= 6.0.1)
      cucumber-cucumber-expressions (~> 14.0, >= 14.0.0)
      cucumber-gherkin (~> 22.0, >= 22.0.0)
      cucumber-html-formatter (~> 17.0, >= 17.0.0)
      cucumber-messages (~> 17.1, >= 17.1.1)
      cucumber-wire (~> 6.2, >= 6.2.0)
      diff-lcs (~> 1.4, >= 1.4.4)
      mime-types (~> 3.3, >= 3.3.1)
      multi_test (~> 0.1, >= 0.1.2)
      sys-uname (~> 1.2, >= 1.2.2)
    cucumber-core (10.1.1)
      cucumber-gherkin (~> 22.0, >= 22.0.0)
      cucumber-messages (~> 17.1, >= 17.1.1)
      cucumber-tag-expressions (~> 4.1, >= 4.1.0)
    cucumber-create-meta (6.0.4)
      cucumber-messages (~> 17.1, >= 17.1.1)
      sys-uname (~> 1.2, >= 1.2.2)
    cucumber-cucumber-expressions (14.0.0)
    cucumber-gherkin (22.0.0)
      cucumber-messages (~> 17.1, >= 17.1.1)
    cucumber-html-formatter (17.0.0)
      cucumber-messages (~> 17.1, >= 17.1.0)
    cucumber-messages (17.1.1)
    cucumber-tag-expressions (4.1.0)
    cucumber-wire (6.2.1)
      cucumber-core (~> 10.1, >= 10.1.0)
      cucumber-cucumber-expressions (~> 14.0, >= 14.0.0)
    debug (1.5.0)
      irb (>= 1.3.6)
      reline (>= 0.2.7)
    diff-lcs (1.5.0)
    ffi (1.15.5-x64-mingw-ucrt)
    gelf (3.1.0)
      json
    httparty (0.20.0)
      mime-types (~> 3.0)
      multi_xml (>= 0.5.2)
    io-console (0.5.11)
    irb (1.4.1)
      reline (>= 0.3.0)
    json (2.6.2)
    log4r (1.1.10)
    log4r-color (1.2.2)
      colorize
      scribe
    log4r-gelf (1.1.0)
      gelf (>= 1.4.0)
      log4r (~> 1.1.10)
    mime-types (3.4.1)
      mime-types-data (~> 3.2015)
    mime-types-data (3.2022.0105)
    multi_test (0.1.2)
    multi_xml (0.6.0)
    net-scp (3.0.0)
      net-ssh (>= 2.6.5, < 7.0.0)
    net-sftp (3.0.0)
      net-ssh (>= 5.0.0, < 7.0.0)
    net-ssh (6.1.0)
    nokogiri (1.13.3-x64-mingw-ucrt)
      racc (~> 1.4)
    racc (1.6.0)
    rake (13.0.6)
    reline (0.3.1)
      io-console (~> 0.5)
    scribe (0.2.4)
      rake
      thrift_client (~> 0.6)
    sys-uname (1.2.2)
      ffi (~> 1.1)
    thrift (0.11.0.0)
    thrift_client (0.11.0)
      thrift (~> 0.11.0)
    timecop (0.9.5)
    webrick (1.7.0)

PLATFORMS
  x64-mingw-ucrt

DEPENDENCIES
  awesome_print
  cucumber
  debug
  httparty
  log4r
  log4r-color
  log4r-gelf
  net-scp
  net-sftp
  net-ssh
  nokogiri
  timecop
  webrick

BUNDLED WITH
   2.3.7
